GEM
  remote: https://rubygems.org/
  specs:
    rake (0.9.2)
    rubyzip (0.9.9)

PLATFORMS
  ruby

DEPENDENCIES
  rake
  rubyzip
